GEM
  remote: http://rubygems.org/
  specs:
    CFPropertyList (2.2.8)
    facter (2.4.6)
      CFPropertyList (~> 2.2.6)
    hiera (3.0.6)
      json_pure
    json_pure (1.8.3)
    puppet (4.3.2)
      facter (> 2.0, < 4)
      hiera (>= 2.0, < 4)
      json_pure
    statsd-ruby (1.3.0)

PLATFORMS
  ruby

DEPENDENCIES
  puppet
  statsd-ruby

BUNDLED WITH
   1.11.2
